PATH
  remote: .
  specs:
    hooksler-slack (0.1.0)
      httparty

GEM
  remote: https://rubygems.org/
  specs:
    httparty (0.13.5)
      json (~> 1.8)
      multi_xml (>= 0.5.2)
    json (1.8.3)
    multi_xml (0.5.5)
    rake (10.4.2)

PLATFORMS
  ruby
  x64-mingw32

DEPENDENCIES
  bundler (~> 1.9)
  hooksler-slack!
  rake (~> 10.0)

BUNDLED WITH
   1.10.3
